GEM
  remote: https://rubygems.org/
  specs:
    accordion_view (0.0.1)
      bubble-wrap
    bubble-wrap (1.3.0)
    formotion (1.5.1)
      bubble-wrap (~> 1.3.0)
      motion-require (~> 0.0.3)
    motion-pixate (2.0)
      sass
    motion-require (0.0.7)
    motion-support (0.2.5)
      motion-require (>= 0.0.6)
    motion_model (0.4.6)
      bubble-wrap (= 1.3.0)
      motion-support (>= 0.1.0)
    rake (10.1.0)
    sass (3.2.10)
    sugarcube (1.3.3)

PLATFORMS
  ruby

DEPENDENCIES
  accordion_view
  formotion
  motion-pixate
  motion_model
  rake
  sugarcube
